GEM
  remote: https://rubygems.org/
  specs:
    colored2 (3.1.2)

PLATFORMS
  x86_64-darwin-16

DEPENDENCIES
  colored2

BUNDLED WITH
   2.3.26
